GEM
  remote: http://gemcutter.org/
  specs:
    activemodel (3.0.10)
      activesupport (= 3.0.10)
      builder (~> 2.1.2)
      i18n (~> 0.5.0)
    activerecord (3.0.10)
      activemodel (= 3.0.10)
      activesupport (= 3.0.10)
      arel (~> 2.0.10)
      tzinfo (~> 0.3.23)
    activerecord-jdbc-adapter (1.1.3)
    activerecord-jdbcmysql-adapter (1.1.3)
      activerecord-jdbc-adapter (= 1.1.3)
      jdbc-mysql (~> 5.1.0)
    activerecord-jdbcpostgresql-adapter (1.1.3)
      activerecord-jdbc-adapter (= 1.1.3)
      jdbc-postgres (~> 9.0.0)
    activesupport (3.0.10)
    arel (2.0.10)
    builder (2.1.2)
    i18n (0.5.0)
    jdbc-mysql (5.1.13)
    jdbc-postgres (9.0.801)
    mysql (2.8.1)
    mysql2 (0.3.7)
    pg (0.11.0)
    rake (0.8.7)
    rspec (1.3.2)
    sqlite3 (1.3.4)
    tzinfo (0.3.29)

PLATFORMS
  ruby

DEPENDENCIES
  activerecord (= 3.0.10)
  activerecord-jdbcmysql-adapter (= 1.1.3)
  activerecord-jdbcpostgresql-adapter (= 1.1.3)
  activesupport (= 3.0.10)
  mysql (= 2.8.1)
  mysql2 (= 0.3.7)
  pg (= 0.11.0)
  rake (= 0.8.7)
  rspec (~> 1.3.0)
  sqlite3 (= 1.3.4)
